GEM
  remote: https://rubygems.org/
  specs:
    addressable (2.3.8)
    colored (1.2)
    ethon (0.7.4)
      ffi (>= 1.3.0)
    ffi (1.9.10)
    html-proofer (2.3.0)
      addressable (~> 2.3)
      colored (~> 1.2)
      mercenary (~> 0.3.2)
      nokogiri (~> 1.5)
      parallel (~> 1.3)
      typhoeus (~> 0.7)
      yell (~> 2.0)
    mercenary (0.3.5)
    mini_portile (0.6.2)
    nokogiri (1.6.6.2)
      mini_portile (~> 0.6.0)
    parallel (1.6.0)
    rainbow (2.0.0)
    rake (10.4.2)
    sass (3.4.16)
    scss_lint (0.40.1)
      rainbow (~> 2.0)
      sass (~> 3.4.1)
    typhoeus (0.7.2)
      ethon (>= 0.7.4)
    yell (2.0.5)

PLATFORMS
  ruby

DEPENDENCIES
  html-proofer
  rake
  scss_lint

BUNDLED WITH
   1.10.5
