GEM
  remote: https://rubygems.org/
  specs:
    colored (1.2)
    ethon (0.7.1)
      ffi (>= 1.3.0)
    ffi (1.9.3)
    html-proofer (1.4.0)
      colored (~> 1.2)
      mercenary (~> 0.3.2)
      nokogiri (~> 1.5)
      parallel (~> 1.3)
      typhoeus (~> 0.6.7)
      yell (~> 2.0)
    mercenary (0.3.4)
    mini_portile (0.6.0)
    nokogiri (1.6.3.1)
      mini_portile (= 0.6.0)
    parallel (1.3.2)
    rainbow (2.0.0)
    rake (10.3.2)
    sass (3.4.4)
    scss-lint (0.28.0)
      rainbow (~> 2.0)
      sass (~> 3.4.0)
    typhoeus (0.6.9)
      ethon (>= 0.7.1)
    yell (2.0.4)

PLATFORMS
  ruby

DEPENDENCIES
  html-proofer
  rake
  scss-lint
